NUGET
  remote: http://nuget.org/api/v2
  specs:
    Bottles (2.1.0.584)
      FubuCore (>= 1.0.0.210)
    BottleServiceRunner (2.0.0.576)
      Bottles (>= 2.0)
      Topshelf (3.1.2)
    Castle.Core (3.2.1)
    DotNetZip (1.9.6)
    Fixie (1.0.0.33)
    Fleck (0.10.0.26)
    FubuLocalization (1.1.0.182)
      FubuCore (>= 0.9.9.139)
    ManagedEsent (1.9.3.2)
    Microsoft.AspNet.Razor (2.0.20715.0)
    Microsoft.AspNet.WebApi.Client (4.0.30506)
      Microsoft.Net.Http (>= 2.0.20710.0)
      Newtonsoft.Json (>= 4.5.6)
    Microsoft.AspNet.WebApi.Core (4.0.30506)
      Microsoft.AspNet.WebApi.Client (>= 4.0.20710.0)
    Microsoft.AspNet.WebApi.SelfHost (4.0.30506)
      Microsoft.AspNet.WebApi.Core (>= 4.0.20710.0)
    Microsoft.Bcl (1.1.10)
      Microsoft.Bcl.Build (>= 1.0.14)
    Microsoft.Bcl.Build (1.0.21) - import_targets: false
    Microsoft.CompilerServices.AsyncTargetingPack (1.0.1)
    Microsoft.Data.Edm (5.6.0)
    Microsoft.Data.OData (5.6.0)
      Microsoft.Data.Edm (5.6.0)
      System.Spatial (5.6.0)
    Microsoft.Data.Services.Client (5.6.0)
      Microsoft.Data.OData (5.6.0)
    Microsoft.Net.Http (2.0.20710.0)
    Microsoft.Owin (3.0.1.0)
      Owin (>= 1.0)
    Microsoft.Owin.Host.HttpListener (3.0.1.0)
    Microsoft.Owin.Hosting (3.0.1.0)
      Microsoft.Owin (>= 3.0.1)
      Owin (>= 1.0)
    Microsoft.Web.Infrastructure (1.0.0)
    Microsoft.WindowsAzure.ConfigurationManager (3.1.0)
    Newtonsoft.Json (5.0.8)
    NLog (2.1)
    Nowin (0.16.0.0)
    Owin (1.0)
    PowerThreading (20120420.0.0)
    RavenDB.Client (2.5.2750)
      Microsoft.CompilerServices.AsyncTargetingPack
    RavenDB.Database (2.5.2750)
      Microsoft.CompilerServices.AsyncTargetingPack
      Microsoft.Data.Edm (>= 5.2)
      Microsoft.Data.OData (>= 5.2)
      Microsoft.WindowsAzure.ConfigurationManager (>= 1.8)
      System.Spatial (>= 5.2)
      WindowsAzure.Storage (>= 2.0)
    RavenDB.Embedded (2.5.2750)
      RavenDB.Client (2.5.2750)
      RavenDB.Database (2.5.2750)
    RhinoMocks (3.6.1)
    Selenium.RC (2.48.0)
    Selenium.Support (2.48.0)
      Selenium.WebDriver (>= 2.48.0)
    Selenium.WebDriver (2.48.0)
    Selenium.WebDriverBackedSelenium (2.48.0)
      Selenium.RC (>= 2.48.0)
      Selenium.WebDriver (>= 2.48.0)
    Shouldly (2.5.0)
    Spark (1.7.5.0)
    Storyteller (3.0.0.269-alpha)
    structuremap (4.0.0.272-alpha)
    System.Spatial (5.6.0.0)
    Topshelf (3.1.2)
    WindowsAzure.Storage (3.0.1.0)
      Microsoft.Data.OData (>= 5.6.0)
      Microsoft.Data.Services.Client (>= 5.6.0)
      Microsoft.WindowsAzure.ConfigurationManager (>= 1.8.0.0)
      Newtonsoft.Json (>= 5.0.6)
  remote: https://www.myget.org/F/fubumvc-edge
  specs:
    FubuCore (2.0.0.311)
  remote: http://build.fubu-project.org/guestAuth/app/nuget/v1/FeedService.svc
  specs:
    HtmlTags (3.0.0.187)
    LightningQueues (0.1.0.97)
      FubuCore (>= 1.1.0.256)
      NLog
