NUGET
  remote: https://nuget.org/api/v2
  specs:
    CommonServiceLocator (1.3) - framework: monoandroid, winv4.5
    FAKE (3.30.3)
    FSharp.Compiler.Service (0.0.89)
    FSharp.Formatting (2.9.4)
      FSharp.Compiler.Service (>= 0.0.87)
      FSharpVSPowerTools.Core (1.8.0)
    FSharpVSPowerTools.Core (1.8.0)
      FSharp.Compiler.Service (>= 0.0.87)
    Microsoft.AspNet.Razor (3.2.3)
    Microsoft.CodeAnalysis (1.0.0-rc2)
      Microsoft.CodeAnalysis.CSharp.Workspaces (1.0.0-rc2)
      Microsoft.CodeAnalysis.VisualBasic.Workspaces (1.0.0-rc2)
    Microsoft.CodeAnalysis.Analyzers (1.0.0-rc2)
    Microsoft.CodeAnalysis.Common (1.0.0-rc2)
      Microsoft.CodeAnalysis.Analyzers (1.0.0-rc2)
      System.Collections.Immutable (1.1.33-beta)
      System.Reflection.Metadata (1.0.18-beta)
    Microsoft.CodeAnalysis.CSharp (1.0.0-rc2)
      Microsoft.CodeAnalysis.Common (1.0.0-rc2)
    Microsoft.CodeAnalysis.CSharp.Workspaces (1.0.0-rc2)
      Microsoft.CodeAnalysis.CSharp (1.0.0-rc2)
      Microsoft.CodeAnalysis.Workspaces.Common (1.0.0-rc2)
    Microsoft.CodeAnalysis.VisualBasic (1.0.0-rc2)
      Microsoft.CodeAnalysis.Common (>= 1.0.0-rc2)
    Microsoft.CodeAnalysis.VisualBasic.Workspaces (1.0.0-rc2)
      Microsoft.CodeAnalysis.VisualBasic (1.0.0-rc2)
      Microsoft.CodeAnalysis.Workspaces.Common (1.0.0-rc2)
    Microsoft.CodeAnalysis.Workspaces.Common (1.0.0-rc2)
      Microsoft.CodeAnalysis.Common (1.0.0-rc2)
      Microsoft.Composition (>= 1.0.27)
    Microsoft.Composition (1.0.30)
    Moq (4.2.1502.0911)
    NuGet.CommandLine (2.8.5)
    NUnit (2.6.4)
    NUnit.Runners (2.6.4)
    System.Collections.Immutable (1.1.33-beta)
    System.Reflection.Metadata (1.0.18-beta)
      System.Collections.Immutable (>= 1.1.33-beta)
    Unity (3.5.1404.0)
      CommonServiceLocator (>= 1.2.0) - framework: monoandroid, winv4.5
    Yaaf.AdvancedBuilding (0.6.4)
      FAKE (3.30.3)
      FSharp.Formatting (2.9.4)
      FSharpVSPowerTools.Core (1.8.0)
